PATH
  remote: .
  specs:
    riichi (0.1.0)

GEM
  remote: https://rubygems.org/
  specs:
    ansi (1.5.0)
    builder (3.2.3)
    docile (1.3.1)
    json (2.1.0)
    json (2.1.0-java)
    minitest (5.11.3)
    minitest-reporters (1.3.5)
      ansi
      builder
      minitest (>= 5.0)
      ruby-progressbar
    rake (12.3.1)
    ruby-progressbar (1.10.0)
    simplecov (0.16.1)
      docile (~> 1.1)
      json (>= 1.8, < 3)
      simplecov-html (~> 0.10.0)
    simplecov-html (0.10.2)

PLATFORMS
  java
  ruby

DEPENDENCIES
  bundler (~> 1.16)
  minitest-reporters (~> 1.3)
  rake (~> 12.3)
  riichi!
  simplecov (~> 0.16)

BUNDLED WITH
   1.17.1
